GEM
  remote: https://rubygems.org/
  specs:
    chunky_png (1.3.1)
    compass (0.12.2)
      chunky_png (~> 1.2)
      fssm (>= 0.2.7)
      sass (~> 3.1)
    compass-sourcemaps (0.12.4.sourcemaps.a4836f1)
      chunky_png (~> 1.2)
      fssm (>= 0.2.7)
      sass (= 3.3.0.alpha.134)
    fssm (0.2.10)
    sass (3.3.0.alpha.134)

PLATFORMS
  ruby

DEPENDENCIES
  compass (= 0.12.2)
  compass-sourcemaps (~> 0.12.4.sourcemaps.a4836f1)
  sass (= 3.3.0.alpha.134)
